{
    "EchoTime": 0.028,
    "EffectiveEchoSpacing": 0.000284998,
    "FlipAngle": 80.0,
    "InstitutionAddress": "Washington and Faculty Rd. - Building 25 25,Princeton,NJ,US,08540",
    "InstitutionName": "Princeton University - Neuroscience Institute",
    "MagneticFieldStrength": 3.0,
    "Manufacturer": "SIEMENS",
    "ManufacturersModelName": "Skyra",
    "PhaseEncodingDirection": "j-",
    "PulseSequenceType": "Gradient Echo EPI",
    "RepetitionTime": 2,
    "ScanningSequence": "EP",
    "SequenceName": "*epfid2d1_64",
    "SliceTiming": [
        0.98999999999,
        0.0,
        1.04250000001,
        0.05249999999,
        1.095,
        0.10500000001,
        1.1474999999900002,
        0.1575,
        1.1975000000099998,
        0.20999999999,
        1.25,
        0.26000000001,
        1.3024999999900002,
        0.3125,
        1.35500000001,
        0.36499999999,
        1.4075,
        0.41750000001,
        1.4599999999900002,
        0.47,
        1.51250000001,
        0.52249999999,
        1.5625,
        0.57250000001,
        1.6149999999900002,
        0.625,
        1.66750000001,
        0.67749999999,
        1.72,
        0.73000000001,
        1.7724999999900002,
        0.7825,
        1.82500000001,
        0.83499999999,
        1.875,
        0.88500000001,
        1.9274999999900002,
        0.9375
    ],
    "TaskName": "wk2_vid3"
}