{
    "EchoTime": 0.028,
    "EffectiveEchoSpacing": 0.000284998,
    "FlipAngle": 80.0,
    "InstitutionAddress": "Washington and Faculty Rd. - Building 25 25,Princeton,NJ,US,08540",
    "InstitutionName": "Princeton University - Neuroscience Institute",
    "MagneticFieldStrength": 3.0,
    "Manufacturer": "SIEMENS",
    "ManufacturersModelName": "Skyra",
    "PhaseEncodingDirection": "j-",
    "PulseSequenceType": "Gradient Echo EPI",
    "RepetitionTime": 2,
    "ScanningSequence": "EP",
    "SequenceName": "*epfid2d1_64",
    "SliceTiming": [
        0.99000000002,
        0.0,
        1.04250000001,
        0.05250000002,
        1.0925,
        0.10500000001,
        1.14500000002,
        0.155,
        1.1975000000099998,
        0.20750000002,
        1.25,
        0.26000000001,
        1.30250000002,
        0.3125,
        1.35500000001,
        0.36500000002,
        1.4075,
        0.41750000001,
        1.45750000002,
        0.4675,
        1.5100000000099998,
        0.52000000002,
        1.5625,
        0.57250000001,
        1.61500000002,
        0.625,
        1.66750000001,
        0.67750000002,
        1.72,
        0.73000000001,
        1.77000000002,
        0.78,
        1.8225000000099998,
        0.83250000002,
        1.875,
        0.88500000001,
        1.92750000002,
        0.9375
    ],
    "TaskName": "wk2_vid2"
}