{
    "EchoTime": 0.028,
    "EffectiveEchoSpacing": 0.000284998,
    "FlipAngle": 80.0,
    "InstitutionAddress": "Washington and Faculty Rd. - Building 25 25,Princeton,NJ,US,08540",
    "InstitutionName": "Princeton University - Neuroscience Institute",
    "MagneticFieldStrength": 3.0,
    "Manufacturer": "SIEMENS",
    "ManufacturersModelName": "Skyra",
    "PhaseEncodingDirection": "j-",
    "PulseSequenceType": "Gradient Echo EPI",
    "RepetitionTime": 2,
    "ScanningSequence": "EP",
    "SequenceName": "*epfid2d1_64",
    "SliceTiming": [
        0.98999999999,
        0.0,
        1.04249999998,
        0.05249999999,
        1.095,
        0.10499999998,
        1.1474999999900002,
        0.1575,
        1.19999999998,
        0.20999999999,
        1.2525,
        0.26249999998,
        1.3024999999900002,
        0.315,
        1.35499999998,
        0.36499999999,
        1.4075,
        0.41749999998,
        1.4599999999900002,
        0.47,
        1.51249999998,
        0.52249999999,
        1.565,
        0.57499999998,
        1.6174999999900002,
        0.6275,
        1.66749999998,
        0.67749999999,
        1.72,
        0.72999999998,
        1.7724999999900002,
        0.7825,
        1.82499999998,
        0.83499999999,
        1.8775,
        0.88749999998,
        1.9299999999900002,
        0.94
    ],
    "TaskName": "wk4_vid4"
}