{
    "EchoTime": 0.028,
    "EffectiveEchoSpacing": 0.000284998,
    "FlipAngle": 80.0,
    "InstitutionAddress": "Washington and Faculty Rd. - Building 25 25,Princeton,NJ,US,08540",
    "InstitutionName": "Princeton University - Neuroscience Institute",
    "MagneticFieldStrength": 3.0,
    "Manufacturer": "SIEMENS",
    "ManufacturersModelName": "Skyra",
    "PhaseEncodingDirection": "j-",
    "PulseSequenceType": "Gradient Echo EPI",
    "RepetitionTime": 2,
    "ScanningSequence": "EP",
    "SequenceName": "*epfid2d1_64",
    "SliceTiming": [
        0.99000000002,
        0.0,
        1.04250000001,
        0.05250000002,
        1.095,
        0.10500000001,
        1.14750000002,
        0.1575,
        1.20000000001,
        0.21000000002,
        1.2525,
        0.26250000001,
        1.30250000002,
        0.3125,
        1.35500000001,
        0.36500000002,
        1.4075,
        0.41750000001,
        1.46000000002,
        0.47,
        1.51250000001,
        0.52250000002,
        1.565,
        0.57500000001,
        1.61500000002,
        0.625,
        1.66750000001,
        0.67750000002,
        1.72,
        0.73000000001,
        1.77250000002,
        0.7825,
        1.82500000001,
        0.83500000002,
        1.8775,
        0.88750000001,
        1.92750000002,
        0.94
    ],
    "TaskName": "wk4_vid2"
}