{
    "EchoTime": 0.00298,
    "FlipAngle": 9.0,
    "InstitutionAddress": "Stadium 1952,Princeton,NJ,US,08544",
    "InstitutionName": "Princeton University",
    "MagneticFieldStrength": 3.0,
    "Manufacturer": "SIEMENS",
    "ManufacturersModelName": "Prisma",
    "PhaseEncodingDirection": "i-",
    "RepetitionTime": 2.3,
    "ScanningSequence": "['GR', 'IR']",
    "SequenceName": "*tfl3d1_16ns",
    "SliceTiming": [
        0.99,
        0,
        1.04,
        0.05,
        1.0925,
        0.1025,
        1.145,
        0.155,
        1.1975,
        0.2075,
        1.25,
        0.26,
        1.3025,
        0.3125,
        1.3525,
        0.3625,
        1.405,
        0.415,
        1.4575,
        0.4675,
        1.51,
        0.52,
        1.5625,
        0.5725,
        1.615,
        0.625,
        1.665,
        0.6775,
        1.7175,
        0.7275,
        1.77,
        0.78,
        1.8225,
        0.8325,
        1.875,
        0.885,
        1.9275,
        0.9375
    ]
}