{
    "EchoTime": 0.028,
    "EffectiveEchoSpacing": 0.000284998,
    "FlipAngle": 80.0,
    "InstitutionAddress": "Stadium 1952,Princeton,NJ,US,08544",
    "InstitutionName": "Princeton University",
    "MagneticFieldStrength": 3.0,
    "Manufacturer": "SIEMENS",
    "ManufacturersModelName": "Prisma",
    "PhaseEncodingDirection": "j-",
    "PulseSequenceType": "Gradient Echo EPI",
    "RepetitionTime": 2,
    "ScanningSequence": "EP",
    "SequenceName": "*epfid2d1_64",
    "SliceTiming": [
        0.99,
        0,
        1.04,
        0.05,
        1.0925,
        0.1025,
        1.145,
        0.155,
        1.1975,
        0.2075,
        1.25,
        0.26,
        1.3025,
        0.3125,
        1.3525,
        0.3625,
        1.405,
        0.415,
        1.4575,
        0.4675,
        1.51,
        0.52,
        1.5625,
        0.5725,
        1.615,
        0.625,
        1.665,
        0.675,
        1.7175,
        0.7275,
        1.77,
        0.78,
        1.8225,
        0.8325,
        1.875,
        0.885,
        1.9275,
        0.9375
    ],
    "TaskName": "wk5_vid5"
}