{
    "EchoTime": 0.00267,
    "FlipAngle": 9.0,
    "InstitutionAddress": "Washington and Faculty Rd. - Building 25 25,Princeton,NJ,US,08540",
    "InstitutionName": "Princeton University - Neuroscience Institute",
    "MagneticFieldStrength": 3.0,
    "Manufacturer": "SIEMENS",
    "ManufacturersModelName": "Skyra",
    "PhaseEncodingDirection": "i-",
    "RepetitionTime": 2.3,
    "ScanningSequence": "['GR', 'IR']",
    "SequenceName": "*tfl3d1_16ns",
    "SliceTiming": [
        0.99,
        0,
        1.0425,
        0.0525,
        1.095,
        0.105,
        1.1475,
        0.1575,
        1.1975,
        0.2075,
        1.25,
        0.26,
        1.3025,
        0.3125,
        1.355,
        0.365,
        1.4075,
        0.4175,
        1.46,
        0.47,
        1.51,
        0.52,
        1.5625,
        0.5725,
        1.615,
        0.625,
        1.6675,
        0.6775,
        1.72,
        0.73,
        1.7725,
        0.7825,
        1.8225,
        0.835,
        1.875,
        0.885,
        1.9275,
        0.9375
    ]
}