{
    "EchoTime": 0.028,
    "EffectiveEchoSpacing": 0.000284998,
    "FlipAngle": 80.0,
    "InstitutionAddress": "Stadium 1952,Princeton,NJ,US,08544",
    "InstitutionName": "Princeton University",
    "MagneticFieldStrength": 3.0,
    "Manufacturer": "SIEMENS",
    "ManufacturersModelName": "Prisma",
    "PhaseEncodingDirection": "j-",
    "PulseSequenceType": "Gradient Echo EPI",
    "RepetitionTime": 2,
    "ScanningSequence": "EP",
    "SequenceName": "*epfid2d1_64",
    "SliceTiming": [
        0.98999999999,
        0.0,
        1.04249999998,
        0.05249999999,
        1.095,
        0.10499999998,
        1.14499999999,
        0.155,
        1.19749999998,
        0.20749999999,
        1.25,
        0.25999999998,
        1.3024999999900002,
        0.3125,
        1.35499999998,
        0.36499999999,
        1.4075,
        0.41749999998,
        1.45749999999,
        0.47,
        1.50999999998,
        0.51999999999,
        1.5625,
        0.57249999998,
        1.6149999999900002,
        0.625,
        1.66749999998,
        0.67749999999,
        1.72,
        0.72999999998,
        1.7724999999900002,
        0.7825,
        1.82249999998,
        0.83249999999,
        1.875,
        0.88499999998,
        1.9274999999900002,
        0.9375
    ],
    "TaskName": "wk4_vid4"
}