{
    "EchoTime": 0.028,
    "EffectiveEchoSpacing": 0.000284998,
    "FlipAngle": 80.0,
    "InstitutionAddress": "Stadium 1952,Princeton,NJ,US,08544",
    "InstitutionName": "Princeton University",
    "MagneticFieldStrength": 3.0,
    "Manufacturer": "SIEMENS",
    "ManufacturersModelName": "Prisma",
    "PhaseEncodingDirection": "j-",
    "PulseSequenceType": "Gradient Echo EPI",
    "RepetitionTime": 2,
    "ScanningSequence": "EP",
    "SequenceName": "*epfid2d1_64",
    "SliceTiming": [
        0.99,
        0,
        1.0425,
        0.0525,
        1.095,
        0.105,
        1.1475,
        0.1575,
        1.1975,
        0.2075,
        1.25,
        0.26,
        1.3025,
        0.3125,
        1.355,
        0.365,
        1.4075,
        0.4175,
        1.46,
        0.47,
        1.51,
        0.52,
        1.5625,
        0.5725,
        1.615,
        0.625,
        1.6675,
        0.6775,
        1.72,
        0.73,
        1.7725,
        0.7825,
        1.8225,
        0.8325,
        1.875,
        0.885,
        1.9275,
        0.9375
    ],
    "TaskName": "wk6_wk4recap"
}